PATH
  remote: .
  specs:
    better-uuid (0.0.1)

GEM
  remote: https://rubygems.org/
  specs:
    absolute_time (1.0.0)
    diff-lcs (1.2.5)
    rake (10.2.2)
    rspec (2.14.1)
      rspec-core (~> 2.14.0)
      rspec-expectations (~> 2.14.0)
      rspec-mocks (~> 2.14.0)
    rspec-core (2.14.8)
    rspec-expectations (2.14.5)
      diff-lcs (>= 1.1.3, < 2.0)
    rspec-mocks (2.14.6)
    should_not (1.0.0)

PLATFORMS
  ruby

DEPENDENCIES
  absolute_time
  better-uuid!
  rake
  rspec
  should_not
